GEM
  remote: https://rubygems.org/
  specs:
    coderay (1.1.1)
    json (2.1.0)
    method_source (0.8.2)
    openssl (2.0.5)
    pry (0.10.4)
      coderay (~> 1.1.0)
      method_source (~> 0.8.1)
      slop (~> 3.4)
    slop (3.6.0)
    terminal-table (1.8.0)
      unicode-display_width (~> 1.1, >= 1.1.1)
    unicode-display_width (1.3.0)

PLATFORMS
  ruby

DEPENDENCIES
  json
  openssl
  pry
  terminal-table

BUNDLED WITH
   1.15.0
